GEM
  remote: https://rubygems.org/
  specs:
    pg (0.18.1)
    redis (3.2.0)
    sequel (4.18.0)

PLATFORMS
  ruby

DEPENDENCIES
  pg
  redis
  sequel
